GEM
  remote: https://rubygems.org/
  specs:
    simple_oauth (0.2.0)

PLATFORMS
  ruby

DEPENDENCIES
  simple_oauth
